GEM
  remote: https://rubygems.org/
  specs:
    color (1.4.1)
    interpolate (0.3.0)
    pg (0.14.1)
    rake (10.1.0)
    ruby-processing (1.0.11)

PLATFORMS
  java
  ruby

DEPENDENCIES
  color
  interpolate
  pg
  rake
  ruby-processing (= 1.0.11)
