GEM
  remote: https://rubygems.org/
  specs:
    color (1.4.1)
    interpolate (0.3.0)
    pg (0.14.1)
    ruby-processing (1.0.11)

PLATFORMS
  java

DEPENDENCIES
  color
  interpolate
  pg
  ruby-processing (= 1.0.11)
